GEM
  remote: http://rubygems.org/
  specs:
    haml (3.1.3)
    hpricot (0.8.4)

PLATFORMS
  ruby

DEPENDENCIES
  haml
  hpricot
