GEM
  remote: http://rubygems.org/
  specs:
    fssm (0.2.10)
    haml (5.0.4)
      temple (>= 0.8.0)
      tilt
    temple (0.8.1)
    tilt (2.0.9)

PLATFORMS
  ruby

DEPENDENCIES
  fssm
  haml

BUNDLED WITH
   2.0.1
